PATH
  remote: .
  specs:
    ocelot_solidus (0.1.0)
      solidus_core (~> 2.0)
      thor

GEM
  remote: https://rubygems.org/
  specs:
    actionmailer (5.2.6)
      actionpack (= 5.2.6)
      actionview (= 5.2.6)
      activejob (= 5.2.6)
      mail (~> 2.5, >= 2.5.4)
      rails-dom-testing (~> 2.0)
    actionpack (5.2.6)
      actionview (= 5.2.6)
      activesupport (= 5.2.6)
      rack (~> 2.0, >= 2.0.8)
      rack-test (>= 0.6.3)
      rails-dom-testing (~> 2.0)
      rails-html-sanitizer (~> 1.0, >= 1.0.2)
    actionview (5.2.6)
      activesupport (= 5.2.6)
      builder (~> 3.1)
      erubi (~> 1.4)
      rails-dom-testing (~> 2.0)
      rails-html-sanitizer (~> 1.0, >= 1.0.3)
    activejob (5.2.6)
      activesupport (= 5.2.6)
      globalid (>= 0.3.6)
    activemerchant (1.119.0)
      activesupport (>= 4.2)
      builder (>= 2.1.2, < 4.0.0)
      i18n (>= 0.6.9)
      nokogiri (~> 1.4)
    activemodel (5.2.6)
      activesupport (= 5.2.6)
    activerecord (5.2.6)
      activemodel (= 5.2.6)
      activesupport (= 5.2.6)
      arel (>= 9.0)
    activesupport (5.2.6)
      concurrent-ruby (~> 1.0, >= 1.0.2)
      i18n (>= 0.7, < 2)
      minitest (~> 5.1)
      tzinfo (~> 1.1)
    acts_as_list (0.9.19)
      activerecord (>= 3.0)
    arel (9.0.0)
    awesome_nested_set (3.4.0)
      activerecord (>= 4.0.0, < 7.0)
    bcrypt (3.1.16)
    builder (3.2.4)
    cancancan (2.3.0)
    carmen (1.1.3)
      activesupport (>= 3.0.0)
    climate_control (0.2.0)
    concurrent-ruby (1.1.8)
    crass (1.0.6)
    devise (4.8.0)
      bcrypt (~> 3.0)
      orm_adapter (~> 0.1)
      railties (>= 4.1.0)
      responders
      warden (~> 1.2.3)
    devise-encryptable (0.2.0)
      devise (>= 2.1.0)
    discard (1.2.0)
      activerecord (>= 4.2, < 7)
    erubi (1.10.0)
    friendly_id (5.4.2)
      activerecord (>= 4.0.0)
    globalid (0.4.2)
      activesupport (>= 4.2.0)
    i18n (1.8.10)
      concurrent-ruby (~> 1.0)
    kaminari-activerecord (1.2.1)
      activerecord
      kaminari-core (= 1.2.1)
    kaminari-core (1.2.1)
    loofah (2.9.1)
      crass (~> 1.0.2)
      nokogiri (>= 1.5.9)
    mail (2.7.1)
      mini_mime (>= 0.1.1)
    method_source (1.0.0)
    mime-types (3.3.1)
      mime-types-data (~> 3.2015)
    mime-types-data (3.2021.0225)
    mimemagic (0.3.10)
      nokogiri (~> 1)
      rake
    mini_mime (1.1.0)
    mini_portile2 (2.5.1)
    minitest (5.14.4)
    monetize (1.10.0)
      money (~> 6.12)
    money (6.14.1)
      i18n (>= 0.6.4, <= 2)
    nokogiri (1.11.3)
      mini_portile2 (~> 2.5.0)
      racc (~> 1.4)
    orm_adapter (0.5.0)
    paperclip (5.3.0)
      activemodel (>= 4.2.0)
      activesupport (>= 4.2.0)
      mime-types
      mimemagic (~> 0.3.0)
      terrapin (~> 0.6.0)
    paranoia (2.4.3)
      activerecord (>= 4.0, < 6.2)
    racc (1.5.2)
    rack (2.2.3)
    rack-test (1.1.0)
      rack (>= 1.0, < 3)
    rails-dom-testing (2.0.3)
      activesupport (>= 4.2.0)
      nokogiri (>= 1.6)
    rails-html-sanitizer (1.3.0)
      loofah (~> 2.3)
    railties (5.2.6)
      actionpack (= 5.2.6)
      activesupport (= 5.2.6)
      method_source
      rake (>= 0.8.7)
      thor (>= 0.19.0, < 2.0)
    rake (13.0.3)
    ransack (2.4.2)
      activerecord (>= 5.2.4)
      activesupport (>= 5.2.4)
      i18n
    responders (3.0.1)
      actionpack (>= 5.0)
      railties (>= 5.0)
    solidus_auth_devise (2.1.0)
      devise (~> 4.1)
      devise-encryptable (= 0.2.0)
      solidus_core (>= 1.2.0, < 3)
      solidus_support (>= 0.1.3)
    solidus_core (2.7.0)
      actionmailer (>= 5.1, < 5.3.x)
      actionpack (>= 5.1, < 5.3.x)
      actionview (>= 5.1, < 5.3.x)
      activejob (>= 5.1, < 5.3.x)
      activemerchant (~> 1.66)
      activemodel (>= 5.1, < 5.3.x)
      activerecord (>= 5.1, < 5.3.x)
      activesupport (>= 5.1, < 5.3.x)
      acts_as_list (~> 0.3)
      awesome_nested_set (~> 3.0, >= 3.0.1)
      cancancan (~> 2.2)
      carmen (~> 1.1.0)
      discard (~> 1.0)
      friendly_id (~> 5.0)
      kaminari-activerecord (~> 1.1)
      monetize (~> 1.8)
      paperclip (>= 4.2, < 6)
      paranoia (~> 2.4)
      railties (>= 5.1, < 5.3.x)
      ransack (~> 2.0)
      state_machines-activerecord (~> 0.4)
    solidus_support (0.8.1)
    sqlite3 (1.3.13)
    state_machines (0.5.0)
    state_machines-activemodel (0.8.0)
      activemodel (>= 5.1)
      state_machines (>= 0.5.0)
    state_machines-activerecord (0.8.0)
      activerecord (>= 5.1)
      state_machines-activemodel (>= 0.8.0)
    terrapin (0.6.0)
      climate_control (>= 0.0.3, < 1.0)
    thor (1.1.0)
    thread_safe (0.3.6)
    tzinfo (1.2.9)
      thread_safe (~> 0.1)
    warden (1.2.9)
      rack (>= 2.0.9)

PLATFORMS
  ruby

DEPENDENCIES
  ocelot_solidus!
  solidus_auth_devise (= 2.1.0)
  solidus_core (= 2.7.0)
  sqlite3

BUNDLED WITH
   1.16.6
